PATH
  remote: vendor/gems/mini_fb-1.1.5
  specs:
    mini_fb (1.1.5)

PATH
  remote: vendor/gems/rails3-redis-session-store-0.3.0
  specs:
    rails3-redis-session-store (0.3.0)

GEM
  remote: http://rubygems.org/
  specs:
    abstract (1.0.0)
    actionmailer (3.0.3)
      actionpack (= 3.0.3)
      mail (~> 2.2.9)
    actionpack (3.0.3)
      activemodel (= 3.0.3)
      activesupport (= 3.0.3)
      builder (~> 2.1.2)
      erubis (~> 2.6.6)
      i18n (~> 0.4)
      rack (~> 1.2.1)
      rack-mount (~> 0.6.13)
      rack-test (~> 0.5.6)
      tzinfo (~> 0.3.23)
    activemodel (3.0.3)
      activesupport (= 3.0.3)
      builder (~> 2.1.2)
      i18n (~> 0.4)
    activesupport (3.0.3)
    addressable (2.2.2)
    builder (2.1.2)
    cgi_multipart_eof_fix (2.5.0)
    daemons (1.1.0)
    data_objects (0.10.2)
      addressable (~> 2.1)
    dm-active_model (1.0.3)
      activemodel (~> 3.0.0)
      dm-core (~> 1.0.2)
    dm-adjust (1.0.2)
      dm-core (~> 1.0.2)
    dm-aggregates (1.0.2)
      dm-core (~> 1.0.2)
    dm-constraints (1.0.2)
      dm-core (~> 1.0.2)
      dm-migrations (~> 1.0.2)
    dm-core (1.0.2)
      addressable (~> 2.2)
      extlib (~> 0.9.15)
    dm-do-adapter (1.0.2)
      data_objects (~> 0.10.2)
      dm-core (~> 1.0.2)
    dm-migrations (1.0.2)
      dm-core (~> 1.0.2)
    dm-mysql-adapter (1.0.2)
      dm-do-adapter (~> 1.0.2)
      do_mysql (~> 0.10.2)
    dm-observer (1.0.2)
      dm-core (~> 1.0.2)
    dm-rails (1.0.4)
      actionpack (~> 3.0.0)
      activesupport (~> 3.0.0)
      dm-active_model (~> 1.0.3)
      dm-core (~> 1.0.0)
      railties (~> 3.0.0)
    dm-serializer (1.0.2)
      dm-core (~> 1.0.2)
      fastercsv (~> 1.5.3)
      json_pure (~> 1.4)
    dm-timestamps (1.0.2)
      dm-core (~> 1.0.2)
    dm-transactions (1.0.2)
      dm-core (~> 1.0.2)
    dm-types (1.0.2)
      dm-core (~> 1.0.2)
      fastercsv (~> 1.5.3)
      json_pure (~> 1.4)
      stringex (~> 1.1.0)
      uuidtools (~> 2.1.1)
    dm-validations (1.0.2)
      dm-core (~> 1.0.2)
    do_mysql (0.10.2)
      data_objects (= 0.10.2)
    erubis (2.6.6)
      abstract (>= 1.0.0)
    extlib (0.9.15)
    fastercsv (1.5.3)
    fastthread (1.0.7)
    gem_plugin (0.2.3)
    haml (3.0.24)
    hashie (0.4.0)
    i18n (0.4.2)
    json (1.4.6)
    json_pure (1.4.6)
    mail (2.2.10)
      activesupport (>= 2.3.6)
      i18n (~> 0.4.1)
      mime-types (~> 1.16)
      treetop (~> 1.4.8)
    mime-types (1.16)
    mongrel (1.1.5)
      cgi_multipart_eof_fix (>= 2.4)
      daemons (>= 1.0.3)
      fastthread (>= 1.0.1)
      gem_plugin (>= 0.2.3)
    polyglot (0.3.1)
    rack (1.2.1)
    rack-mount (0.6.13)
      rack (>= 1.0.0)
    rack-test (0.5.6)
      rack (>= 1.0)
    railties (3.0.3)
      actionpack (= 3.0.3)
      activesupport (= 3.0.3)
      rake (>= 0.8.7)
      thor (~> 0.14.4)
    rake (0.8.7)
    redis (2.1.1)
    rest-client (1.6.1)
      mime-types (>= 1.16)
    stringex (1.1.0)
    system_timer (1.0)
    thor (0.14.6)
    treetop (1.4.9)
      polyglot (>= 0.3.1)
    tzinfo (0.3.23)
    uuidtools (2.1.1)

PLATFORMS
  ruby

DEPENDENCIES
  actionmailer (= 3.0.3)
  actionpack (= 3.0.3)
  activesupport (= 3.0.3)
  dm-adjust (= 1.0.2)
  dm-aggregates (= 1.0.2)
  dm-constraints (= 1.0.2)
  dm-migrations (= 1.0.2)
  dm-mysql-adapter (= 1.0.2)
  dm-observer (= 1.0.2)
  dm-rails (= 1.0.4)
  dm-serializer (= 1.0.2)
  dm-timestamps (= 1.0.2)
  dm-transactions (= 1.0.2)
  dm-types (= 1.0.2)
  dm-validations (= 1.0.2)
  haml
  hashie
  json
  mini_fb (= 1.1.5)!
  mongrel
  rails3-redis-session-store (= 0.3.0)!
  railties (= 3.0.3)
  redis
  rest-client
  system_timer
